GEM
  remote: https://rubygems.org/
  specs:
    connection_pool (2.4.1)
    redis (5.1.0)
      redis-client (>= 0.17.0)
    redis-client (0.21.0)
      connection_pool

PLATFORMS
  ruby
  x86_64-darwin-23

DEPENDENCIES
  redis (>= 4.0)

BUNDLED WITH
   2.5.6
